GEM
  remote: https://rubygems.org/
  specs:
    builder (3.2.3)
    coderay (1.1.1)
    faraday (0.12.1)
      multipart-post (>= 1.2, < 3)
    jwt (1.5.6)
    method_source (0.8.2)
    multipart-post (2.0.0)
    pry (0.10.4)
      coderay (~> 1.1.0)
      method_source (~> 0.8.1)
      slop (~> 3.4)
    rack (1.6.4)
    rack-protection (1.5.3)
      rack
    sinatra (1.4.7)
      rack (~> 1.5)
      rack-protection (~> 1.4)
      tilt (>= 1.3, < 3)
    slop (3.6.0)
    tilt (2.0.5)
    twilio-ruby (5.0.0.rc21)
      builder (>= 2.1.2)
      faraday (~> 0.9)
      jwt (~> 1.5)

PLATFORMS
  ruby

DEPENDENCIES
  pry
  sinatra
  twilio-ruby (~> 5.0.0.rc21)

BUNDLED WITH
   1.15.0
